GEM
  remote: https://rubygems.org/
  specs:
    chunky_png (1.2.6)
    daybreak (0.0.1)
    httparty (0.9.0)
      multi_json (~> 1.0)
      multi_xml
    multi_json (1.3.7)
    multi_xml (0.5.1)
    rack (1.4.1)
    rack-protection (1.2.0)
      rack
    random-word (1.3.0)
    sinatra (1.3.3)
      rack (~> 1.3, >= 1.3.6)
      rack-protection (~> 1.2)
      tilt (~> 1.3, >= 1.3.3)
    tilt (1.3.3)
    wav-file (0.0.3)

PLATFORMS
  ruby

DEPENDENCIES
  chunky_png
  daybreak
  httparty
  random-word
  sinatra
  wav-file
