GEM
  remote: https://rubygems.org/
  specs:
    chunky_png (1.2.6)
    wav-file (0.0.3)

PLATFORMS
  ruby

DEPENDENCIES
  chunky_png
  wav-file
