GEM
  remote: https://rubygems.org/
  specs:
    chunky_png (1.2.6)
    random-word (1.3.0)
    wav-file (0.0.3)

PLATFORMS
  ruby

DEPENDENCIES
  chunky_png
  random-word
  wav-file
